GIT
  remote: https://github.com/CDRH/data.git
  revision: 2bdb705f4ead8d3b59936f45a6aa8a68816aabb4
  branch: datura
  specs:
    datura (0.1.0)
      colorize (~> 0.8.1)
      nokogiri (~> 1.8.1)
      rest-client (~> 2.0.2)

GEM
  remote: https://rubygems.org/
  specs:
    colorize (0.8.1)
    domain_name (0.5.20180417)
      unf (>= 0.0.5, < 1.0.0)
    http-cookie (1.0.3)
      domain_name (~> 0.5)
    mime-types (3.2.2)
      mime-types-data (~> 3.2015)
    mime-types-data (3.2018.0812)
    mini_portile2 (2.3.0)
    netrc (0.11.0)
    nokogiri (1.8.5)
      mini_portile2 (~> 2.3.0)
    rest-client (2.0.2)
      http-cookie (>= 1.0.2, < 2.0)
      mime-types (>= 1.16, < 4.0)
      netrc (~> 0.8)
    unf (0.1.4)
      unf_ext
    unf_ext (0.0.7.5)

PLATFORMS
  ruby

DEPENDENCIES
  datura!

BUNDLED WITH
   1.16.2
